PATH
  remote: .
  specs:
    dependency_resolution (0.0.1)
      rgl

GEM
  remote: https://rubygems.org/
  specs:
    algorithms (0.6.1)
    diff-lcs (1.2.5)
    rake (10.4.2)
    rgl (0.5.1)
      algorithms (~> 0.6.1)
      stream (~> 0.5.0)
    rspec (3.4.0)
      rspec-core (~> 3.4.0)
      rspec-expectations (~> 3.4.0)
      rspec-mocks (~> 3.4.0)
    rspec-core (3.4.1)
      rspec-support (~> 3.4.0)
    rspec-expectations (3.4.0)
      diff-lcs (>= 1.2.0, < 2.0)
      rspec-support (~> 3.4.0)
    rspec-mocks (3.4.1)
      diff-lcs (>= 1.2.0, < 2.0)
      rspec-support (~> 3.4.0)
    rspec-support (3.4.1)
    stream (0.5)

PLATFORMS
  ruby

DEPENDENCIES
  bundler
  dependency_resolution!
  rake
  rspec

BUNDLED WITH
   1.10.6
